PATH
  remote: .
  specs:
    mini_histogram (0.1.0)

GEM
  remote: https://rubygems.org/
  specs:
    m (1.5.1)
      method_source (>= 0.6.7)
      rake (>= 0.9.2.2)
    method_source (0.9.2)
    minitest (5.14.0)
    rake (12.3.3)

PLATFORMS
  ruby

DEPENDENCIES
  m
  mini_histogram!
  minitest (~> 5.0)
  rake (~> 12.0)

BUNDLED WITH
   2.1.2
